GEM
  remote: https://rubygems.org/
  specs:
    mustermann (1.0.3)
    rack (2.0.6)
    rack-protection (2.0.4)
      rack
    rack-test (1.1.0)
      rack (>= 1.0, < 3)
    sinatra (2.0.4)
      mustermann (~> 1.0)
      rack (~> 2.0)
      rack-protection (= 2.0.4)
      tilt (~> 2.0)
    tilt (2.0.9)

PLATFORMS
  ruby

DEPENDENCIES
  mustermann (= 1.0.3)
  rack (= 2.0.6)
  rack-protection (= 2.0.4)
  rack-test (= 1.1.0)
  sinatra
  tilt (= 2.0.9)

BUNDLED WITH
   1.16.1
